PATH
  remote: .
  specs:
    sqldroid (1.0.0-java)

GEM
  remote: http://rubygems.org/
  specs:
    rake (10.1.1)

PLATFORMS
  java
  ruby

DEPENDENCIES
  rake
  sqldroid!
